GEM
  remote: https://rubygems.org/
  specs:
    adsf (1.2.0)
      rack (>= 1.0.0)
    autoprefixer-rails (6.2.3)
      execjs
      json
    bootstrap-bookingsync-sass (0.0.16)
      bootstrap-sass (>= 3.3.5)
    bootstrap-sass (3.3.6)
      autoprefixer-rails (>= 5.2.1)
      sass (>= 3.3.4)
    coderay (1.1.0)
    colored (1.2)
    concurrent-ruby (1.1.4)
    cri (2.7.0)
      colored (~> 1.2)
    em-websocket (0.5.1)
      eventmachine (>= 0.12.9)
      http_parser.rb (~> 0.6.0)
    eventmachine (1.2.1)
    execjs (2.6.0)
    ffi (1.10.0)
    formatador (0.2.5)
    guard (2.12.8)
      formatador (>= 0.2.4)
      listen (>= 2.7, <= 4.0)
      lumberjack (~> 1.0)
      nenv (~> 0.1)
      notiffany (~> 0.0)
      pry (>= 0.9.12)
      shellany (~> 0.0)
      thor (>= 0.18.1)
    guard-bundler (2.1.0)
      bundler (~> 1.0)
      guard (~> 2.2)
      guard-compat (~> 1.1)
    guard-compat (1.2.1)
    guard-livereload (2.4.0)
      em-websocket (~> 0.5)
      guard (~> 2.8)
      multi_json (~> 1.8)
    guard-nanoc (1.0.3)
      guard (~> 2.8)
      nanoc (~> 3.6)
    guard-pow (2.0.0)
      guard (~> 2.0)
    http_parser.rb (0.6.0)
    json (1.8.3)
    kramdown (1.8.0)
    listen (3.0.2)
      rb-fsevent (>= 0.9.3)
      rb-inotify (>= 0.9)
    lumberjack (1.0.9)
    method_source (0.8.2)
    mini_portile2 (2.8.0)
    multi_json (1.11.2)
    nanoc (3.8.0)
      cri (~> 2.3)
    nanoc-sprockets3 (1.0.5)
      sprockets (~> 3.2, >= 3.0.0)
    nenv (0.2.0)
    nokogiri (1.13.2)
      mini_portile2 (~> 2.8.0)
      racc (~> 1.4)
    notiffany (0.0.6)
      nenv (~> 0.1)
      shellany (~> 0.0)
    posix-spawn (0.3.11)
    pry (0.10.1)
      coderay (~> 1.1.0)
      method_source (~> 0.8.1)
      slop (~> 3.4)
    pygments.rb (0.6.3)
      posix-spawn (~> 0.3.6)
      yajl-ruby (~> 1.2.0)
    racc (1.6.0)
    rack (2.0.6)
    rake (11.2.2)
    rb-fsevent (0.9.5)
    rb-inotify (0.9.5)
      ffi (>= 0.5.0)
    sass (3.4.21)
    shellany (0.0.1)
    slop (3.6.0)
    sprockets (3.7.2)
      concurrent-ruby (~> 1.0)
      rack (> 1, < 3)
    thor (0.19.1)
    uglifier (2.7.2)
      execjs (>= 0.3.0)
      json (>= 1.8.0)
    yajl-ruby (1.2.3)

PLATFORMS
  ruby

DEPENDENCIES
  adsf
  bootstrap-bookingsync-sass
  coderay
  guard-bundler
  guard-livereload
  guard-nanoc
  guard-pow
  kramdown
  nanoc
  nanoc-sprockets3
  nokogiri
  pygments.rb
  rake
  uglifier

BUNDLED WITH
   1.16.2
